GEM
  remote: https://rubygems.org/
  specs:
    rack (2.2.8.1)
    rack-test (1.1.0)
      rack (>= 1.0, < 3)

PLATFORMS
  ruby

DEPENDENCIES
  rack
  rack-test

BUNDLED WITH
   2.0.1
